PATH
  remote: .
  specs:
    erbtex (0.2.0)
      erubis

GEM
  remote: https://rubygems.org/
  specs:
    byebug (3.1.2)
      columnize (~> 0.8)
      debugger-linecache (~> 1.2)
    columnize (0.8.9)
    debugger-linecache (1.2.0)
    erubis (2.7.0)
    rake (10.3.2)

PLATFORMS
  ruby

DEPENDENCIES
  bundler
  byebug
  erbtex!
  rake
