PATH
  remote: .
  specs:
    erbtex (0.3.0)
      erubis

GEM
  remote: https://rubygems.org/
  specs:
    byebug (3.5.1)
      columnize (~> 0.8)
      debugger-linecache (~> 1.2)
      slop (~> 3.6)
    coderay (1.1.2)
    columnize (0.9.0)
    debugger-linecache (1.2.0)
    diff-lcs (1.2.5)
    erubis (2.7.0)
    method_source (0.9.0)
    minitest (5.5.0)
    pry (0.11.3)
      coderay (~> 1.1.0)
      method_source (~> 0.9.0)
    pry-byebug (3.0.1)
      byebug (~> 3.4)
      pry (~> 0.10)
    pry-doc (0.11.1)
      pry (~> 0.9)
      yard (~> 0.9)
    rake (10.3.2)
    rspec (3.3.0)
      rspec-core (~> 3.3.0)
      rspec-expectations (~> 3.3.0)
      rspec-mocks (~> 3.3.0)
    rspec-core (3.3.1)
      rspec-support (~> 3.3.0)
    rspec-expectations (3.3.0)
      diff-lcs (>= 1.2.0, < 2.0)
      rspec-support (~> 3.3.0)
    rspec-mocks (3.3.1)
      diff-lcs (>= 1.2.0, < 2.0)
      rspec-support (~> 3.3.0)
    rspec-support (3.3.0)
    slop (3.6.0)
    yard (0.9.12)

PLATFORMS
  ruby

DEPENDENCIES
  bundler
  erbtex!
  minitest
  pry
  pry-byebug
  pry-doc
  rake
  rspec

BUNDLED WITH
   1.16.0
