PATH
  remote: .
  specs:
    erbtex (0.1.1)
      erubis

GEM
  specs:
    columnize (0.3.6)
    debugger (1.5.0)
      columnize (>= 0.3.1)
      debugger-linecache (~> 1.2.0)
      debugger-ruby_core_source (~> 1.2.0)
    debugger-linecache (1.2.0)
    debugger-ruby_core_source (1.2.0)
    erubis (2.7.0)

PLATFORMS
  ruby

DEPENDENCIES
  debugger
  erbtex!
